GEM
  remote: https://anonymous:devcloud@mirrors.huaweicloud.com/repository/rubygems/
  specs:
    haml (5.0.4)
      temple (>= 0.8.0)
      tilt
    mustermann (1.0.2)
    rack (2.0.4)
    rack-protection (2.0.1)
      rack
    sequel (5.6.0)
    sinatra (2.0.1)
      mustermann (~> 1.0)
      rack (~> 2.0)
      rack-protection (= 2.0.1)
      tilt (~> 2.0)
    sqlite3 (1.3.13-x64-mingw32)
    temple (0.8.0)
    tilt (2.0.8)

PLATFORMS
  x64-mingw32

DEPENDENCIES
  haml
  sequel
  sinatra
  sqlite3

BUNDLED WITH
   1.16.1
