GEM
  remote: https://anonymous:devcloud@mirrors.huaweicloud.com/repository/rubygems/
  specs:
    bacon (1.2.0)
    bcrypt (3.1.11)
    bcrypt (3.1.11-x64-mingw32)
    concurrent-ruby (1.0.5)
    haml (5.0.4)
      temple (>= 0.8.0)
      tilt
    jwt (2.1.0)
    multi_json (1.13.1)
    mustermann (1.0.2)
    puma (3.11.3)
    rack (2.0.4)
    rack-protection (2.0.1)
      rack
    sequel (5.6.0)
    sequel_secure_password (0.2.15)
      bcrypt (>= 3.1, < 4.0)
      sequel (>= 4.1.0, < 6.0)
    sinatra (2.0.1)
      mustermann (~> 1.0)
      rack (~> 2.0)
      rack-protection (= 2.0.1)
      tilt (~> 2.0)
    sinatra-sequel (0.9.0)
      bacon
      sequel (>= 3.2.0)
      sinatra (>= 0.9.4)
    sprockets (3.7.1)
      concurrent-ruby (~> 1.0)
      rack (> 1, < 3)
    sqlite3 (1.3.13)
    sqlite3 (1.3.13-x64-mingw32)
    temple (0.8.0)
    tilt (2.0.8)

PLATFORMS
  ruby
  x64-mingw32

DEPENDENCIES
  haml
  jwt
  multi_json
  puma
  sequel
  sequel_secure_password
  sinatra
  sinatra-sequel
  sprockets
  sqlite3

BUNDLED WITH
   1.16.1
